PATH
  remote: .
  specs:
    vendor_kit (0.0.1)
      json
      rake
      thor

GEM
  remote: http://rubygems.org/
  specs:
    bond (0.4.1)
    diff-lcs (1.1.2)
    json (1.5.3)
    rake (0.9.2)
    ripl (0.5.1)
      bond (~> 0.4.0)
    rspec (2.6.0)
      rspec-core (~> 2.6.0)
      rspec-expectations (~> 2.6.0)
      rspec-mocks (~> 2.6.0)
    rspec-core (2.6.4)
    rspec-expectations (2.6.0)
      diff-lcs (~> 1.1.2)
    rspec-mocks (2.6.0)
    thor (0.14.6)

PLATFORMS
  ruby

DEPENDENCIES
  ripl
  rspec
  vendor_kit!
